GEM
  remote: https://rubygems.org/
  specs:
    excon (0.82.0)
    nokogiri (1.11.7-x86_64-darwin)
      racc (~> 1.4)
    postcodes_io (0.3.0)
      excon (~> 0.39)
    racc (1.5.2)

PLATFORMS
  x86_64-darwin-19

DEPENDENCIES
  nokogiri
  postcodes_io

BUNDLED WITH
   2.2.7
